GEM
  remote: https://rubygems.org/
  specs:
    concurrent-ruby (1.0.1)
    connection_pool (2.2.0)
    mini_portile2 (2.0.0)
    nokogiri (1.6.7.2)
      mini_portile2 (~> 2.0.0.rc2)
    redis (3.2.2)
    sidekiq (4.1.0)
      concurrent-ruby (~> 1.0)
      connection_pool (~> 2.2, >= 2.2.0)
      redis (~> 3.2, >= 3.2.1)

PLATFORMS
  ruby

DEPENDENCIES
  nokogiri
  sidekiq

BUNDLED WITH
   1.10.6
